PATH
  remote: .
  specs:
    doggo (1.4.0)
      rspec-core (~> 3.13)

GEM
  remote: https://rubygems.org/
  specs:
    awesome_print (1.9.2)
    diff-lcs (1.5.1)
    rspec (3.13.0)
      rspec-core (~> 3.13.0)
      rspec-expectations (~> 3.13.0)
      rspec-mocks (~> 3.13.0)
    rspec-core (3.13.0)
      rspec-support (~> 3.13.0)
    rspec-expectations (3.13.1)
      diff-lcs (>= 1.2.0, < 2.0)
      rspec-support (~> 3.13.0)
    rspec-mocks (3.13.1)
      diff-lcs (>= 1.2.0, < 2.0)
      rspec-support (~> 3.13.0)
    rspec-support (3.13.1)

PLATFORMS
  ruby

DEPENDENCIES
  awesome_print (~> 1.9)
  doggo!
  rspec (~> 3.13)

BUNDLED WITH
   2.5.11
